GEM
  remote: https://rubygems.org/
  specs:
    mini_portile2 (2.4.0)
    nokogiri (1.10.10)
      mini_portile2 (~> 2.4.0)
    rmagick (4.1.2)

PLATFORMS
  ruby

DEPENDENCIES
  nokogiri
  rmagick

BUNDLED WITH
   2.1.2
